GEM
  remote: http://rubygems.org/
  specs:
    json (1.7.7)
    mime-types (1.25)
    rack (1.5.2)
    rack-protection (1.3.2)
      rack
    rest-client (1.6.7)
      mime-types (>= 1.16)
    rgeo (0.3.20)
    sinatra (1.3.4)
      rack (~> 1.4)
      rack-protection (~> 1.3)
      tilt (~> 1.3, >= 1.3.3)
    tilt (1.3.3)

PLATFORMS
  ruby

DEPENDENCIES
  json (~> 1.7.6)
  rest-client
  rgeo (= 0.3.20)
  sinatra
